PATH
  remote: .
  specs:
    wiki (0.1.0)
      github-markup
      redcarpet

GEM
  remote: https://rubygems.org/
  specs:
    github-markup (1.4.2)
    minitest (5.8.4)
    rake (10.5.0)
    redcarpet (3.4.0)

PLATFORMS
  ruby

DEPENDENCIES
  bundler (~> 1.11)
  minitest (~> 5.0)
  rake (~> 10.0)
  wiki!

BUNDLED WITH
   1.11.2
